GEM
  remote: https://rubygems.org/
  specs:
    rake (10.1.0)
    sass (3.2.12)
    sass-globbing (1.1.0)
      sass (>= 3.1)
    semantic-ui-sass (0.8.3.0)
      sass (~> 3.2)

PLATFORMS
  ruby

DEPENDENCIES
  rake
  sass-globbing
  semantic-ui-sass
